GEM
  remote: http://rubygems.org/
  specs:
    haml (3.1.2)
    mime-types (1.16)
    nokogiri (1.5.0)
    rack (1.3.2)
    rdiscount (1.6.8)
    rest-client (1.6.3)
      mime-types (>= 1.16)
    sinatra (1.2.6)
      rack (~> 1.1)
      tilt (< 2.0, >= 1.2.2)
    tilt (1.3.2)

PLATFORMS
  ruby

DEPENDENCIES
  haml
  nokogiri
  rdiscount
  rest-client
  sinatra
